GIT
  remote: https://github.com/adaoraul/rack-jekyll
  revision: 0d482e421eefd29802dbbf3248dd4db501e59bef
  specs:
    rack-jekyll (0.4.0)
      jekyll (~> 0.11.0)
      rack (~> 1.4.1)

GEM
  remote: http://rubygems.org/
  specs:
    addressable (2.2.8)
    albino (1.3.3)
      posix-spawn (>= 0.3.6)
    classifier (1.3.3)
      fast-stemmer (>= 1.0.0)
    directory_watcher (1.4.1)
    excon (0.15.4)
    faraday (0.7.6)
      addressable (~> 2.2)
      multipart-post (~> 1.1)
      rack (~> 1.1)
    faraday-stack (0.1.5)
      faraday (>= 0.6, < 0.8)
    fast-stemmer (1.0.1)
    heroku (2.29.0)
      heroku-api (~> 0.2.13)
      launchy (>= 0.3.2)
      netrc (~> 0.7.5)
      rest-client (~> 1.6.1)
      rubyzip
    heroku-api (0.2.13)
      excon (~> 0.15.4)
    indextank (1.0.12)
      faraday-stack
      yajl-ruby (>= 0.7.7)
    jekyll (0.11.2)
      albino (~> 1.3)
      classifier (~> 1.3)
      directory_watcher (~> 1.1)
      kramdown (~> 0.13)
      liquid (~> 2.3)
      maruku (~> 0.5)
    kgio (2.7.4)
    kramdown (0.13.8)
    launchy (2.1.0)
      addressable (~> 2.2.6)
    liquid (2.4.1)
    maruku (0.6.0)
      syntax (>= 1.0.0)
    mime-types (1.19)
    multipart-post (1.1.5)
    netrc (0.7.5)
    nokogiri (1.5.5)
    posix-spawn (0.3.6)
    rack (1.4.1)
    raindrops (0.10.0)
    rest-client (1.6.7)
      mime-types (>= 1.16)
    rubyzip (0.9.9)
    syntax (1.0.0)
    unicorn (4.3.1)
      kgio (~> 2.6)
      rack
      raindrops (~> 0.7)
    yajl-ruby (1.1.0)

PLATFORMS
  ruby

DEPENDENCIES
  heroku
  indextank
  nokogiri
  rack-jekyll!
  unicorn
